PATH
  remote: .
  specs:
    velomemo (0.0.1)
      trollop

GEM
  remote: http://rubygems.org/
  specs:
    diff-lcs (1.1.2)
    rake (0.8.7)
    rspec (2.5.0)
      rspec-core (~> 2.5.0)
      rspec-expectations (~> 2.5.0)
      rspec-mocks (~> 2.5.0)
    rspec-core (2.5.1)
    rspec-expectations (2.5.0)
      diff-lcs (~> 1.1.2)
    rspec-mocks (2.5.0)
    trollop (1.16.2)
    watchr (0.7)

PLATFORMS
  ruby

DEPENDENCIES
  rake
  rspec
  velomemo!
  watchr
